GEM
  remote: https://rubygems.org/
  specs:
    addressable (2.3.5)
    args_parser (0.2.0)
    faraday (0.8.8)
      multipart-post (~> 1.2.0)
    multipart-post (1.2.0)
    octokit (2.3.1)
      sawyer (~> 0.5.1)
    pit (0.0.7)
    sawyer (0.5.1)
      addressable (~> 2.3.5)
      faraday (~> 0.8, < 0.10)

PLATFORMS
  ruby

DEPENDENCIES
  args_parser
  octokit
  pit
